GIT
  remote: https://github.com/gitlabhq/grit.git
  revision: 42297cdcee16284d2e4eff23d41377f52fc28b9d
  ref: 42297cdcee16284d2e4eff23d41377f52fc28b9d
  specs:
    grit (2.5.0)
      diff-lcs (~> 1.1)
      mime-types (~> 1.15)
      posix-spawn (~> 0.3.6)

GIT
  remote: https://github.com/gollum/gollum.git
  revision: cce871c30e5707e64f0bc7aad8b5153e841906a2
  specs:
    gollum (3.1.1)
      github-markdown (~> 0.6.5)
      gollum-lib (~> 4.0, >= 4.0.1)
      mustache (>= 0.99.5, < 1.0.0)
      sinatra (~> 1.4, >= 1.4.4)
      useragent (~> 0.10.0)

GEM
  remote: http://rubygems.org/
  specs:
    charlock_holmes (0.7.3)
    diff-lcs (1.2.5)
    github-markdown (0.6.8)
    github-markup (1.3.1)
      posix-spawn (~> 0.3.8)
    gitlab-grit (2.7.3)
      charlock_holmes (~> 0.6)
      diff-lcs (~> 1.1)
      mime-types (~> 1.15)
      posix-spawn (~> 0.3)
    gollum-grit_adapter (0.1.2)
      gitlab-grit (~> 2.7, >= 2.7.1)
    gollum-lib (4.0.1)
      github-markup (~> 1.3.1)
      gollum-grit_adapter (~> 0.1, >= 0.1.1)
      nokogiri (~> 1.6.4)
      rouge (~> 1.7.4)
      sanitize (~> 2.1.0)
      stringex (~> 2.5.1)
    mime-types (1.25.1)
    mini_portile (0.6.1)
    mustache (0.99.8)
    nokogiri (1.6.5)
      mini_portile (~> 0.6.0)
    posix-spawn (0.3.9)
    rack (1.5.2)
    rack-protection (1.5.3)
      rack
    redcarpet (3.2.2)
    rouge (1.7.4)
    sanitize (2.1.0)
      nokogiri (>= 1.4.4)
    sinatra (1.4.5)
      rack (~> 1.4)
      rack-protection (~> 1.4)
      tilt (~> 1.3, >= 1.3.4)
    stringex (2.5.2)
    tilt (1.4.1)
    useragent (0.10.0)

PLATFORMS
  ruby

DEPENDENCIES
  gollum!
  grit (~> 2.5.0)!
  redcarpet
